GEM
  remote: https://rubygems.org/
  specs:
    cmdparse (2.0.6)
    hike (1.2.3)
    juicer (1.2.0)
      cmdparse
      nokogiri (>= 1.5.0)
      rubyzip (= 0.9.9)
    mini_portile (0.6.2)
    multi_json (1.10.1)
    nokogiri (1.6.6.1)
      mini_portile (~> 0.6.0)
    rack (1.6.0)
    rubyzip (0.9.9)
    sprockets (2.12.3)
      hike (~> 1.2)
      multi_json (~> 1.0)
      rack (~> 1.0)
      tilt (~> 1.1, != 1.3.0)
    tilt (1.4.1)
    yui-compressor (0.12.0)

PLATFORMS
  ruby

DEPENDENCIES
  juicer
  sprockets
  yui-compressor
